GEM
  remote: http://rubygems.org/
  remote: http://gems.github.com/
  specs:
    builder (3.0.0)
    rack (1.2.1)
    sinatra (1.1.0)
      rack (~> 1.1)
      tilt (~> 1.1)
    tilt (1.1)
    twiliolib (2.0.7)
      builder (>= 2.1.2)

PLATFORMS
  ruby

DEPENDENCIES
  sinatra
  twiliolib
